GEM
  remote: http://rubygems.org/
  specs:
    GData (0.0.4)
      builder (>= 2.1.2)
      hoe (>= 1.2.1)
    actionmailer (2.3.8)
      actionpack (= 2.3.8)
    actionpack (2.3.8)
      activesupport (= 2.3.8)
      rack (~> 1.1.0)
    activerecord (2.3.8)
      activesupport (= 2.3.8)
    activeresource (2.3.8)
      activesupport (= 2.3.8)
    activesupport (2.3.8)
    builder (3.0.0)
    cgi_multipart_eof_fix (2.5.0)
    daemons (1.1.2)
    fastthread (1.0.7)
    gem_plugin (0.2.3)
    haml (3.0.25)
    hoe (1.2.1)
      rake (>= 0.8.7)
    hpricot (0.8.4)
    libxml-ruby (1.1.4)
    mongrel (1.1.5)
      cgi_multipart_eof_fix (>= 2.4)
      daemons (>= 1.0.3)
      fastthread (>= 1.0.1)
      gem_plugin (>= 0.2.3)
    rack (1.1.2)
    rails (2.3.8)
      actionmailer (= 2.3.8)
      actionpack (= 2.3.8)
      activerecord (= 2.3.8)
      activeresource (= 2.3.8)
      activesupport (= 2.3.8)
      rake (>= 0.8.3)
    rake (0.8.7)
    roo (1.3.11)
      GData (>= 0.0.4)
      hpricot (>= 0.6)
      libxml-ruby (>= 1.1.3)
      rubyzip (>= 0.9.1)
      spreadsheet (>= 0.6.4)
    ruby-ole (1.2.11.1)
    rubyzip (0.9.4)
    spreadsheet (0.6.5.3)
      ruby-ole (>= 1.0)
    sqlite3 (1.3.3)

PLATFORMS
  ruby

DEPENDENCIES
  haml (= 3.0.25)
  mongrel (= 1.1.5)
  rails (= 2.3.8)
  roo (= 1.3.11)
  sqlite3
